GEM
  remote: https://rubygems.org/
  specs:
    daemons (1.2.6)
    faraday (0.9.2)
      multipart-post (>= 1.2, < 3)
    mail (2.7.1)
      mini_mime (>= 0.1.1)
    mini_mime (1.0.1)
    multipart-post (2.0.0)

PLATFORMS
  ruby
  x64-mingw32

DEPENDENCIES
  daemons (~> 1.2, >= 1.2.3)
  faraday (~> 0.9.2)
  mail

BUNDLED WITH
   1.16.5
